PATH
  remote: .
  specs:
    jubilant-palm-tree (0.0.1)

GEM
  remote: https://rubygems.org/
  specs:
    jruby-rack (1.1.21)
    mustermann (1.0.2)
    rack (2.0.4)
    rack-protection (2.0.1)
      rack
    rake (10.5.0)
    sinatra (2.0.1)
      mustermann (~> 1.0)
      rack (~> 2.0)
      rack-protection (= 2.0.1)
      tilt (~> 2.0)
    tilt (2.0.8)
    trinidad (1.4.6)
      jruby-rack (~> 1.1.13)
      trinidad_jars (>= 1.3.0, < 1.5.0)
    trinidad_jars (1.4.2)

PLATFORMS
  java

DEPENDENCIES
  bundler (~> 1.16)
  jubilant-palm-tree!
  rake (~> 10.0)
  sinatra
  trinidad

BUNDLED WITH
   1.16.1
