PATH
  remote: .
  specs:
    jubilant-palm-tree (0.0.1)

GEM
  remote: https://rubygems.org/
  specs:
    mustermann (1.0.2)
    puma (3.11.2-java)
    rack (2.0.4)
    rack-protection (2.0.1)
      rack
    rake (10.5.0)
    sinatra (2.0.1)
      mustermann (~> 1.0)
      rack (~> 2.0)
      rack-protection (= 2.0.1)
      tilt (~> 2.0)
    tilt (2.0.8)

PLATFORMS
  java

DEPENDENCIES
  bundler (~> 1.16)
  jubilant-palm-tree!
  puma
  rake (~> 10.0)
  sinatra

BUNDLED WITH
   1.16.1
