PATH
  remote: .
  specs:
    jubilant-palm-tree (0.0.1)

GEM
  remote: https://rubygems.org/
  specs:
    rake (10.5.0)

PLATFORMS
  java

DEPENDENCIES
  bundler (~> 1.16)
  jubilant-palm-tree!
  rake (~> 10.0)

BUNDLED WITH
   1.16.1
